GEM
  remote: https://rubygems.org/
  specs:
    amq-protocol (2.3.2)
    autoload (0.3.0)
    bunny (2.19.0)
      amq-protocol (~> 2.3, >= 2.3.1)
      sorted_set (~> 1, >= 1.0.2)
    childprocess (4.1.0)
    closed_struct (1.0.0)
    headless (2.3.1)
    json (2.6.1)
    logger (1.5.1)
    rbtree (0.4.5)
    rexml (3.2.5)
    rubyzip (2.3.2)
    selenium-webdriver (4.1.0)
      childprocess (>= 0.5, < 5.0)
      rexml (~> 3.2, >= 3.2.5)
      rubyzip (>= 1.2.2)
    set (1.0.2)
    sorted_set (1.0.3)
      rbtree
      set (~> 1.0)
    thor (1.2.1)

PLATFORMS
  x86_64-darwin-21

DEPENDENCIES
  autoload
  bunny
  closed_struct
  headless
  json
  logger
  selenium-webdriver
  thor

BUNDLED WITH
   2.3.11
